GEM
  remote: http://rubygems.org/
  specs:
    bluecloth (2.0.9)
    diff-lcs (1.1.2)
    rspec (2.3.0)
      rspec-core (~> 2.3.0)
      rspec-expectations (~> 2.3.0)
      rspec-mocks (~> 2.3.0)
    rspec-core (2.3.1)
    rspec-expectations (2.3.0)
      diff-lcs (~> 1.1.2)
    rspec-mocks (2.3.0)
    yard (0.6.4)

PLATFORMS
  ruby

DEPENDENCIES
  bluecloth
  rspec (> 2.0)
  yard
